GIT
  remote: https://github.com/ideacrew/designmodo-flatuipro-rails.git
  revision: cf4e651a49bb3ba712efd90531d864a294616914
  branch: trunk
  specs:
    designmodo-flatuipro-rails (1.3.0.0.branch)
      jquery-rails (>= 3.1.1)
      jquery-ui-rails (>= 5.0.0)
      less-rails-bootstrap (>= 3.2.0)

GIT
  remote: https://github.com/ideacrew/edi_codec.git
  revision: 5702ac4c0fd6da5a0eae813b683c0e584331795e
  branch: carrier_boarding
  specs:
    edi_codec (0.1.2)
      activesupport (>= 3.2)
      nokogiri (~> 1.6)

GIT
  remote: https://github.com/ideacrew/openhbx_cv2.git
  revision: d774b23f5f5f431142eb2ed7c782f86cc5d0ad36
  branch: trunk
  specs:
    openhbx_cv2 (0.0.1)
      activesupport (>= 3.2)
      nokogiri-happymapper (~> 0.5)

GIT
  remote: https://github.com/ideacrew/ruby-middleware.git
  revision: 1c324903951337faf2116f20ec0df9ec13ddd781
  branch: trunk
  specs:
    ibsciss-middleware (0.4.0)

PATH
  remote: project_gems/devise-3.5.10
  specs:
    devise (3.5.10)
      bcrypt (~> 3.0)
      orm_adapter (~> 0.1)
      railties (>= 3.2.6, < 5)
      responders
      thread_safe (~> 0.1)
      warden (~> 1.2.3)

PATH
  remote: project_gems/mongoid-3.2.0
  specs:
    mongoid (3.1.7)
      activemodel (~> 3.2)
      moped (~> 1.4)
      origin (~> 1.0)
      tzinfo (~> 0.3.29)

GEM
  remote: https://rubygems.org/
  specs:
    Ascii85 (1.1.0)
    aasm (3.0.26)
    actionmailer (3.2.22.5)
      actionpack (= 3.2.22.5)
      mail (~> 2.5.4)
    actionpack (3.2.22.5)
      activemodel (= 3.2.22.5)
      activesupport (= 3.2.22.5)
      builder (~> 3.0.0)
      erubis (~> 2.7.0)
      journey (~> 1.0.4)
      rack (~> 1.4.5)
      rack-cache (~> 1.2)
      rack-test (~> 0.6.1)
      sprockets (~> 2.2.1)
    activemodel (3.2.22.5)
      activesupport (= 3.2.22.5)
      builder (~> 3.0.0)
    activerecord (3.2.22.5)
      activemodel (= 3.2.22.5)
      activesupport (= 3.2.22.5)
      arel (~> 3.0.2)
      tzinfo (~> 0.3.29)
    activeresource (3.2.22.5)
      activemodel (= 3.2.22.5)
      activesupport (= 3.2.22.5)
    activesupport (3.2.22.5)
      i18n (~> 0.6, >= 0.6.4)
      multi_json (~> 1.0)
    afm (0.2.2)
    akami (1.2.2)
      gyoku (>= 0.4.0)
      nokogiri
    american_date (1.1.0)
    amq-protocol (2.0.1)
    arel (3.0.3)
    aws-sdk (2.2.37)
      aws-sdk-resources (= 2.2.37)
    aws-sdk-core (2.2.37)
      jmespath (~> 1.0)
    aws-sdk-resources (2.2.37)
      aws-sdk-core (= 2.2.37)
    axiom-types (0.1.1)
      descendants_tracker (~> 0.0.4)
      ice_nine (~> 0.11.0)
      thread_safe (~> 0.3, >= 0.3.1)
    bcrypt (3.1.18)
    bh (1.3.6)
      actionpack
      activesupport
    bootstrap-kaminari-views (0.0.5)
      kaminari (>= 0.13)
      rails (>= 3.1)
    builder (3.0.4)
    bunny (1.4.1)
      amq-protocol (>= 1.9.2)
    cancancan (1.15.0)
    capistrano (2.15.4)
      highline
      net-scp (>= 1.0.0)
      net-sftp (>= 2.0.0)
      net-ssh (>= 2.0.14)
      net-ssh-gateway (>= 1.1.0)
    capybara (2.4.4)
      mime-types (>= 1.16)
      nokogiri (>= 1.3.3)
      rack (>= 1.0.0)
      rack-test (>= 0.5.4)
      xpath (~> 2.0)
    carrierwave (0.10.0)
      activemodel (>= 3.2.0)
      activesupport (>= 3.2.0)
      json (>= 1.7)
      mime-types (>= 1.16)
    carrierwave-mongoid (0.7.1)
      carrierwave (>= 0.8.0, < 0.11.0)
      mongoid (>= 3.0, < 5.0)
      mongoid-grid_fs (>= 1.3, < 3.0)
    celluloid (0.17.4)
      celluloid-essentials
      celluloid-extras
      celluloid-fsm
      celluloid-pool
      celluloid-supervision
      timers (>= 4.1.1)
    celluloid-essentials (0.20.5)
      timers (>= 4.1.1)
    celluloid-extras (0.20.5)
      timers (>= 4.1.1)
    celluloid-fsm (0.20.5)
      timers (>= 4.1.1)
    celluloid-io (0.17.3)
      celluloid (>= 0.17.2)
      nio4r (>= 1.1)
      timers (>= 4.1.1)
    celluloid-pool (0.20.5)
      timers (>= 4.1.1)
    celluloid-supervision (0.20.6)
      timers (>= 4.1.1)
    ci_reporter (2.0.0)
      builder (>= 2.1.2)
    coercible (1.0.0)
      descendants_tracker (~> 0.0.1)
    coffee-rails (3.2.2)
      coffee-script (>= 2.2.0)
      railties (~> 3.2.0)
    coffee-script (2.4.1)
      coffee-script-source
      execjs
    coffee-script-source (1.12.2)
    commonjs (0.2.7)
    concurrent-ruby (1.1.10)
    config (1.0.0)
      activesupport (>= 3.0)
      deep_merge (~> 1.0.0)
    database_cleaner (1.5.3)
    deep_merge (1.0.1)
    descendants_tracker (0.0.4)
      thread_safe (~> 0.3, >= 0.3.1)
    diff-lcs (1.5.0)
    docile (1.1.5)
    equalizer (0.0.11)
    erubis (2.7.0)
    execjs (2.8.1)
    eye (0.10.0)
      celluloid (~> 0.17.3)
      celluloid-io (~> 0.17.0)
      kostya-sigar (~> 2.0.0)
      state_machines
      thor
    factory_girl (4.5.0)
      activesupport (>= 3.0.0)
    factory_girl_rails (4.5.0)
      factory_girl (~> 4.5.0)
      railties (>= 3.0.0)
    ffi (1.15.5)
    font-awesome-rails (4.2.0.0)
      railties (>= 3.2, < 5.0)
    forkr (1.0.2)
    generator (0.0.1)
    gyoku (1.1.1)
      builder (>= 2.1.2)
    haml (4.0.7)
      tilt
    hashery (2.1.2)
    highline (2.0.3)
    hike (1.2.3)
    httpi (2.2.7)
      rack
    i18n (0.9.5)
      concurrent-ruby (~> 1.0)
    ice_nine (0.11.2)
    interactor (3.1.2)
    interactor-rails (2.0.2)
      interactor (~> 3.0)
      rails (>= 3, < 5.1)
    jmespath (1.6.1)
    journey (1.0.4)
    jquery-rails (3.1.3)
      railties (>= 3.0, < 5.0)
      thor (>= 0.14, < 2.0)
    jquery-ui-rails (5.0.5)
      railties (>= 3.2.16)
    json (2.6.2)
    kaminari (0.16.3)
      actionpack (>= 3.0.0)
      activesupport (>= 3.0.0)
    kgio (2.11.0)
    kostya-sigar (2.0.10)
    lazy_priority_queue (0.1.1)
    less (2.5.1)
      commonjs (~> 0.2.7)
    less-rails (2.5.0)
      actionpack (>= 3.1)
      less (~> 2.5.0)
    less-rails-bootstrap (3.2.0)
      less-rails (~> 2.5.0)
    libv8 (3.16.14.19)
    libxml-ruby (3.2.3)
    macaddr (1.7.2)
      systemu (~> 2.6.5)
    mail (2.5.5)
      mime-types (~> 1.16)
      treetop (~> 1.4.8)
    mime-types (1.25.1)
    mini_portile2 (2.6.1)
    mongoid-grid_fs (2.4.0)
      mime-types (>= 1.0, < 4.0)
      mongoid (>= 3.0, < 8.0)
    mongoid-rspec (1.13.0)
      mongoid (~> 3.1)
      rake
      rspec (~> 3.1)
    mongoid_auto_increment (0.1.2)
      mongoid (>= 2.0)
    moped (1.5.3)
    multi_json (1.15.0)
    net-scp (3.0.0)
      net-ssh (>= 2.6.5, < 7.0.0)
    net-sftp (3.0.0)
      net-ssh (>= 5.0.0, < 7.0.0)
    net-ssh (6.1.0)
    net-ssh-gateway (2.0.0)
      net-ssh (>= 4.0.0)
    nio4r (1.1.1)
    nokogiri (1.12.5)
      mini_portile2 (~> 2.6.1)
      racc (~> 1.4)
    nokogiri-happymapper (0.5.9)
      nokogiri (~> 1.5)
    nori (2.4.0)
    oj (2.18.5)
    origin (1.1.0)
    orm_adapter (0.5.0)
    parallel (1.22.1)
    parallel_tests (2.13.0)
      parallel
    pd_x12 (1.5.4)
      libxml-ruby
    pdf-core (0.9.0)
    pdf-reader (2.10.0)
      Ascii85 (~> 1.0)
      afm (~> 0.2.1)
      hashery (~> 2.0)
      ruby-rc4
      ttfunk
    polyglot (0.3.5)
    power_assert (2.0.1)
    prawn (2.4.0)
      pdf-core (~> 0.9.0)
      ttfunk (~> 1.7)
    prawn-templates (0.1.2)
      pdf-reader (~> 2.0)
      prawn (~> 2.2)
    psych (2.0.5)
    puma (3.7.1)
    racc (1.6.0)
    rack (1.4.7)
    rack-cache (1.13.0)
      rack (>= 0.4)
    rack-ssl (1.3.4)
      rack
    rack-test (0.6.3)
      rack (>= 1.0)
    rails (3.2.22.5)
      actionmailer (= 3.2.22.5)
      actionpack (= 3.2.22.5)
      activerecord (= 3.2.22.5)
      activeresource (= 3.2.22.5)
      activesupport (= 3.2.22.5)
      bundler (~> 1.0)
      railties (= 3.2.22.5)
    railties (3.2.22.5)
      actionpack (= 3.2.22.5)
      activesupport (= 3.2.22.5)
      rack-ssl (~> 1.3.2)
      rake (>= 0.8.7)
      rdoc (~> 3.4)
      thor (>= 0.14.6, < 2.0)
    raindrops (0.20.0)
    rake (10.4.2)
    rb-fsevent (0.11.1)
    rb-inotify (0.10.1)
      ffi (~> 1.0)
    rdoc (3.9.5)
    ref (2.0.0)
    responders (1.1.2)
      railties (>= 3.2, < 4.2)
    rgl (0.5.2)
      lazy_priority_queue (~> 0.1.0)
      stream (~> 0.5.0)
    roo (2.1.0)
      nokogiri (~> 1)
      rubyzip (~> 1.1, < 2.0.0)
    rsec (0.4.3)
    rspec (3.3.0)
      rspec-core (~> 3.3.0)
      rspec-expectations (~> 3.3.0)
      rspec-mocks (~> 3.3.0)
    rspec-collection_matchers (1.1.2)
      rspec-expectations (>= 2.99.0.beta1)
    rspec-core (3.3.2)
      rspec-support (~> 3.3.0)
    rspec-expectations (3.3.1)
      diff-lcs (>= 1.2.0, < 2.0)
      rspec-support (~> 3.3.0)
    rspec-mocks (3.3.2)
      diff-lcs (>= 1.2.0, < 2.0)
      rspec-support (~> 3.3.0)
    rspec-rails (3.3.3)
      actionpack (>= 3.0, < 4.3)
      activesupport (>= 3.0, < 4.3)
      railties (>= 3.0, < 4.3)
      rspec-core (~> 3.3.0)
      rspec-expectations (~> 3.3.0)
      rspec-mocks (~> 3.3.0)
      rspec-support (~> 3.3.0)
    rspec-support (3.3.0)
    rspec_junit_formatter (0.2.3)
      builder (< 4)
      rspec-core (>= 2, < 4, != 2.12.0)
    ruby-ole (1.2.12.2)
    ruby-progressbar (1.10.1)
    ruby-rc4 (0.1.5)
    rubyzip (1.3.0)
    sass (3.7.4)
      sass-listen (~> 4.0.0)
    sass-listen (4.0.0)
      rb-fsevent (~> 0.9, >= 0.9.4)
      rb-inotify (~> 0.9, >= 0.9.7)
    sass-rails (3.2.6)
      railties (~> 3.2.0)
      sass (>= 3.1.10)
      tilt (~> 1.3)
    savon (2.7.2)
      akami (~> 1.2.0)
      builder (>= 2.1.2)
      gyoku (~> 1.1.0)
      httpi (~> 2.2.3)
      nokogiri (>= 1.4.0)
      nori (~> 2.4.0)
      uuid (~> 2.3.7)
      wasabi (~> 3.3.0)
    simplecov (0.12.0)
      docile (~> 1.1.0)
      json (>= 1.8, < 3)
      simplecov-html (~> 0.10.0)
    simplecov-html (0.10.2)
    spreadsheet (1.0.4)
      ruby-ole (>= 1.0)
    sprockets (2.2.3)
      hike (~> 1.2)
      multi_json (~> 1.0)
      rack (~> 1.0)
      tilt (~> 1.1, != 1.3.0)
    state_machines (0.5.0)
    stream (0.5.4)
      generator
    systemu (2.6.5)
    test-unit (3.2.9)
      power_assert
    therubyracer (0.12.3)
      libv8 (~> 3.16.14.15)
      ref
    thor (1.2.1)
    thread_safe (0.3.6)
    tilt (1.4.1)
    timers (4.3.3)
    treetop (1.4.15)
      polyglot
      polyglot (>= 0.3.1)
    ttfunk (1.7.0)
    tzinfo (0.3.60)
    uglifier (3.0.4)
      execjs (>= 0.3.0, < 3)
    unicorn (4.8.2)
      kgio (~> 2.6)
      rack
      raindrops (~> 0.7)
    uuid (2.3.9)
      macaddr (~> 1.0)
    virtus (1.0.5)
      axiom-types (~> 0.1)
      coercible (~> 1.0)
      descendants_tracker (~> 0.0, >= 0.0.3)
      equalizer (~> 0.0, >= 0.0.9)
    warden (1.2.7)
      rack (>= 1.0)
    wasabi (3.3.1)
      httpi (~> 2.0)
      nokogiri (>= 1.4.0)
    xpath (2.1.0)
      nokogiri (~> 1.3)
    yard (0.8.7.6)

PLATFORMS
  ruby

DEPENDENCIES
  aasm (~> 3.0.26)
  american_date (= 1.1.0)
  amq-protocol (= 2.0.1)
  aws-sdk (~> 2.2.4)
  bh (~> 1.3.6)
  bootstrap-kaminari-views (= 0.0.5)
  bunny (= 1.4.1)
  cancancan (~> 1.15.0)
  capistrano (= 2.15.4)
  capybara (= 2.4.4)
  carrierwave-mongoid (= 0.7.1)
  ci_reporter (= 2.0.0)
  coffee-rails (~> 3.2.1)
  config (= 1.0.0)
  database_cleaner (= 1.5.3)
  designmodo-flatuipro-rails!
  devise!
  edi_codec!
  eye (= 0.10.0)
  factory_girl (= 4.5.0)
  factory_girl_rails (= 4.5.0)
  font-awesome-rails (= 4.2.0.0)
  forkr (= 1.0.2)
  haml (~> 4.0.7)
  ibsciss-middleware!
  interactor (~> 3.1.0)
  interactor-rails (= 2.0.2)
  jquery-rails (= 3.1.3)
  jquery-ui-rails (= 5.0.5)
  kaminari (= 0.16.3)
  kgio (= 2.11.0)
  less-rails-bootstrap (= 3.2.0)
  mongoid!
  mongoid-rspec (~> 1.13.0)
  mongoid_auto_increment (= 0.1.2)
  nio4r (= 1.1.1)
  nokogiri (~> 1.7)
  nokogiri-happymapper (~> 0.5.9)
  oj (~> 2.18.0)
  openhbx_cv2!
  origin (~> 1.1.0)
  parallel_tests (~> 2.13.0)
  pd_x12 (~> 1.5.4)
  prawn (~> 2.2)
  prawn-templates (~> 0.1.2)
  psych (= 2.0.5)
  puma (~> 3.7.0)
  rails (= 3.2.22.5)
  rake (= 10.4.2)
  rgl (= 0.5.2)
  roo (= 2.1.0)
  rsec (~> 0.4.2)
  rspec (= 3.3.0)
  rspec-collection_matchers (= 1.1.2)
  rspec-core (= 3.3.2)
  rspec-rails (~> 3)
  rspec_junit_formatter (~> 0.2.3)
  ruby-ole (~> 1.2.12)
  ruby-progressbar (~> 1.10.0)
  sass-rails (~> 3.2.3)
  savon (~> 2.7.0)
  simplecov (~> 0.12.0)
  spreadsheet (= 1.0.4)
  test-unit (~> 3.2.3)
  therubyracer (= 0.12.3)
  uglifier (~> 3.0.4)
  unicorn (= 4.8.2)
  virtus (~> 1.0.5)
  yard (= 0.8.7.6)

BUNDLED WITH
   1.17.3
